PATH
  remote: .
  specs:
    acts_as_decimal (1.0.6)
      activemodel (~> 3.0.0)

GEM
  remote: http://rubygems.org/
  specs:
    activemodel (3.0.0)
      activesupport (= 3.0.0)
      builder (~> 2.1.2)
      i18n (~> 0.4.1)
    activerecord (3.0.0)
      activemodel (= 3.0.0)
      activesupport (= 3.0.0)
      arel (~> 1.0.0)
      tzinfo (~> 0.3.23)
    activesupport (3.0.0)
    arel (1.0.1)
      activesupport (~> 3.0.0)
    bluecloth (2.0.11)
    builder (2.1.2)
    diff-lcs (1.1.2)
    i18n (0.4.1)
    rspec (2.5.0)
      rspec-core (~> 2.5.0)
      rspec-expectations (~> 2.5.0)
      rspec-mocks (~> 2.5.0)
    rspec-core (2.5.1)
    rspec-expectations (2.5.0)
      diff-lcs (~> 1.1.2)
    rspec-mocks (2.5.0)
    simplecov (0.4.1)
      simplecov-html (~> 0.4.3)
    simplecov-html (0.4.3)
    sqlite3 (1.3.3)
    tzinfo (0.3.23)
    yard (0.6.4)

PLATFORMS
  ruby

DEPENDENCIES
  activerecord (~> 3.0.0)
  acts_as_decimal!
  bluecloth
  rspec (~> 2.5.0)
  simplecov
  sqlite3
  yard
