GEM
  remote: http://rubygems.org/
  specs:
    activemodel (3.0.0.rc)
      activesupport (= 3.0.0.rc)
      builder (~> 2.1.2)
      i18n (~> 0.4.1)
    activerecord (3.0.0.rc)
      activemodel (= 3.0.0.rc)
      activesupport (= 3.0.0.rc)
      arel (~> 0.4.0)
      tzinfo (~> 0.3.22)
    activesupport (3.0.0.rc)
    arel (0.4.0)
      activesupport (>= 3.0.0.beta)
    builder (2.1.2)
    diff-lcs (1.1.2)
    i18n (0.4.1)
    rspec (2.0.0.beta.19)
      rspec-core (= 2.0.0.beta.19)
      rspec-expectations (= 2.0.0.beta.19)
      rspec-mocks (= 2.0.0.beta.19)
    rspec-core (2.0.0.beta.19)
    rspec-expectations (2.0.0.beta.19)
      diff-lcs (>= 1.1.2)
    rspec-mocks (2.0.0.beta.19)
    sqlite3-ruby (1.3.1)
    tzinfo (0.3.22)

PLATFORMS
  ruby

DEPENDENCIES
  activerecord (>= 3.0.0.rc)
  rspec (>= 2.0.0.beta.19)
  sqlite3-ruby
